PATH
  remote: ./vendor/gems/evansagge-mongoid-rspec-1.4.4-13
  specs:
    mongoid-rspec (1.4.4)
      mongoid (~> 2.0)
      rake
      rspec (~> 2)

PATH
  remote: ./vendor/gems/gmail_xoauth
  specs:
    gmail_xoauth (0.3.1)
      oauth (>= 0.3.6)

PATH
  remote: ./vendor/gems/gmoney
  specs:
    gmoney (0.4.4)

PATH
  remote: ./vendor/gems/rack-cors
  specs:
    rack-cors (0.2.4)
      rack

PATH
  remote: ./vendor/gems/railroady
  specs:
    railroady (1.0.4)

GEM
  remote: http://rubygems.org/
  specs:
    actionmailer (3.2.3)
      actionpack (= 3.2.3)
      mail (~> 2.4.4)
    actionpack (3.2.3)
      activemodel (= 3.2.3)
      activesupport (= 3.2.3)
      builder (~> 3.0.0)
      erubis (~> 2.7.0)
      journey (~> 1.0.1)
      rack (~> 1.4.0)
      rack-cache (~> 1.2)
      rack-test (~> 0.6.1)
      sprockets (~> 2.1.2)
    activemodel (3.2.3)
      activesupport (= 3.2.3)
      builder (~> 3.0.0)
    activerecord (3.2.3)
      activemodel (= 3.2.3)
      activesupport (= 3.2.3)
      arel (~> 3.0.2)
      tzinfo (~> 0.3.29)
    activeresource (3.2.3)
      activemodel (= 3.2.3)
      activesupport (= 3.2.3)
    activesupport (3.2.3)
      i18n (~> 0.6)
      multi_json (~> 1.0)
    addressable (2.2.8)
    akismetor (1.0.0)
    arel (3.0.2)
    authlogic (3.1.0)
      activerecord (>= 3.0.7)
      activerecord (>= 3.0.7)
    awesome_print (1.0.2)
    bson (1.6.2)
    bson_ext (1.6.2)
      bson (~> 1.6.2)
    builder (3.0.0)
    capistrano (2.12.0)
      highline
      net-scp (>= 1.0.0)
      net-sftp (>= 2.0.0)
      net-ssh (>= 2.0.14)
      net-ssh-gateway (>= 1.1.0)
    capybara (1.1.2)
      mime-types (>= 1.16)
      nokogiri (>= 1.3.3)
      rack (>= 1.0.0)
      rack-test (>= 0.5.4)
      selenium-webdriver (~> 2.0)
      xpath (~> 0.1.4)
    childprocess (0.3.2)
      ffi (~> 1.0.6)
    coderay (1.0.6)
    coffee-rails (3.2.2)
      coffee-script (>= 2.2.0)
      railties (~> 3.2.0)
    coffee-script (2.2.0)
      coffee-script-source
      execjs
    coffee-script-source (1.3.3)
    crack (0.3.1)
    cucumber (1.2.0)
      builder (>= 2.1.2)
      diff-lcs (>= 1.1.3)
      gherkin (~> 2.10.0)
      json (>= 1.4.6)
    cucumber-rails (1.3.0)
      capybara (>= 1.1.2)
      cucumber (>= 1.1.8)
      nokogiri (>= 1.5.0)
    daemons (1.1.8)
    database_cleaner (0.7.2)
    diff-lcs (1.1.3)
    elif (0.1.0)
    erubis (2.7.0)
    eventmachine (0.12.10)
    exception_notification_rails3 (1.2.0)
    execjs (1.3.2)
      multi_json (~> 1.0)
    factory_girl (3.3.0)
      activesupport (>= 3.0.0)
    factory_girl_rails (3.3.0)
      factory_girl (~> 3.3.0)
      railties (>= 3.0.0)
    faraday (0.8.0)
      multipart-post (~> 1.1)
    fastercsv (1.5.5)
    ffi (1.0.11)
    fgraph (0.7.0)
      httparty (>= 0.5.0)
    foreman (0.46.0)
      thor (>= 0.13.6)
    fuubar (1.0.0)
      rspec (~> 2.0)
      rspec-instafail (~> 0.2.0)
      ruby-progressbar (~> 0.0.10)
    gherkin (2.10.0)
      json (>= 1.4.6)
    hashie (1.2.0)
    highline (1.6.12)
    hike (1.2.1)
    hodel_3000_compliant_logger (0.1.0)
    htmlentities (4.3.1)
    httparty (0.8.3)
      multi_json (~> 1.0)
      multi_xml
    httpauth (0.1)
    i18n (0.6.0)
    journey (1.0.3)
    jquery-rails (2.0.2)
      railties (>= 3.2.0, < 5.0)
      thor (~> 0.14)
    json (1.7.3)
    json_builder (3.1.2)
      activesupport (>= 2.0.0)
    kaminari (0.13.0)
      actionpack (>= 3.0.0)
      activesupport (>= 3.0.0)
      railties (>= 3.0.0)
    kgio (2.7.4)
    launchy (2.1.0)
      addressable (~> 2.2.6)
    letter_opener (0.0.2)
      launchy
    libv8 (3.3.10.4)
    libwebsocket (0.1.3)
      addressable
    linkedin (0.3.6)
      hashie (~> 1.2.0)
      multi_json (~> 1.0.3)
      oauth (~> 0.4.5)
    mail (2.4.4)
      i18n (>= 0.4.0)
      mime-types (~> 1.16)
      treetop (~> 1.4.8)
    method_source (0.7.1)
    mime-types (1.18)
    mongo (1.6.2)
      bson (~> 1.6.2)
    mongoid (2.4.7)
      activemodel (~> 3.1)
      mongo (~> 1.3)
      tzinfo (~> 0.3.22)
    mongoid_followable (0.1.9)
    mongoid_voteable (0.1.1)
      activesupport (>= 3.0.0.rc)
      mongoid (>= 2.0.0.beta.16)
    multi_json (1.0.4)
    multi_xml (0.5.1)
    multipart-post (1.1.5)
    net-scp (1.0.4)
      net-ssh (>= 1.99.1)
    net-sftp (2.0.5)
      net-ssh (>= 2.0.9)
    net-ssh (2.3.0)
    net-ssh-gateway (1.1.0)
      net-ssh (>= 1.99.1)
    newrelic_rpm (3.3.4.1)
    nokogiri (1.5.2)
    oauth (0.4.6)
    oauth2 (0.7.1)
      faraday (~> 0.8)
      httpauth (~> 0.1)
      multi_json (~> 1.0)
      rack (~> 1.4)
    oink (0.9.3)
      activerecord
      hodel_3000_compliant_logger
    polyglot (0.3.3)
    profanity_filter (0.1.1)
    pry (0.9.9.6)
      coderay (~> 1.0.5)
      method_source (~> 0.7.1)
      slop (>= 2.4.4, < 3)
    pry-doc (0.4.2)
      pry (>= 0.9.0)
      yard (~> 0.8.1)
    pry-remote (0.1.4)
      pry (~> 0.9.9)
      slop (~> 2.1)
    rack (1.4.1)
    rack-cache (1.2)
      rack (>= 0.4)
    rack-protection (1.2.0)
      rack
    rack-ssl (1.3.2)
      rack
    rack-test (0.6.1)
      rack (>= 1.0)
    rails (3.2.3)
      actionmailer (= 3.2.3)
      actionpack (= 3.2.3)
      activerecord (= 3.2.3)
      activeresource (= 3.2.3)
      activesupport (= 3.2.3)
      bundler (~> 1.0)
      railties (= 3.2.3)
    railties (3.2.3)
      actionpack (= 3.2.3)
      activesupport (= 3.2.3)
      rack-ssl (~> 1.3.2)
      rake (>= 0.8.7)
      rdoc (~> 3.4)
      thor (~> 0.14.6)
    raindrops (0.8.1)
    rake (0.9.2.2)
    rdoc (3.12)
      json (~> 1.4)
    redis (2.2.2)
    redis-namespace (1.1.0)
      redis (< 3.0.0)
    redis-store (1.1.0)
      redis (~> 2.2.0)
    request-log-analyzer (1.12.2)
    resque (1.8.2)
      redis
      redis-namespace
      sinatra (>= 0.9.2)
      vegas (>= 0.1.2)
    rpm_contrib (2.1.9)
      newrelic_rpm (>= 3.1.1)
      newrelic_rpm (>= 3.1.1)
    rspec (2.10.0)
      rspec-core (~> 2.10.0)
      rspec-expectations (~> 2.10.0)
      rspec-mocks (~> 2.10.0)
    rspec-core (2.10.0)
    rspec-expectations (2.10.0)
      diff-lcs (~> 1.1.3)
    rspec-instafail (0.2.4)
    rspec-mocks (2.10.1)
    rspec-rails (2.10.1)
      actionpack (>= 3.0)
      activesupport (>= 3.0)
      railties (>= 3.0)
      rspec (~> 2.10.0)
    ruby-progressbar (0.0.10)
    rubyzip (0.9.8)
    sass (3.1.18)
    sass-rails (3.2.5)
      railties (~> 3.2.0)
      sass (>= 3.1.10)
      tilt (~> 1.3)
    scout (5.5.4)
      elif
    selenium-webdriver (2.21.2)
      childprocess (>= 0.2.5)
      ffi (~> 1.0)
      libwebsocket (~> 0.1.3)
      multi_json (~> 1.0)
      rubyzip
    shoulda (3.0.1)
      shoulda-context (~> 1.0.0)
      shoulda-matchers (~> 1.0.0)
    shoulda-context (1.0.0)
    shoulda-matchers (1.0.0)
    simplecov (0.6.4)
      multi_json (~> 1.0)
      simplecov-html (~> 0.5.3)
    simplecov-html (0.5.3)
    sinatra (1.3.2)
      rack (~> 1.3, >= 1.3.6)
      rack-protection (~> 1.2)
      tilt (~> 1.3, >= 1.3.3)
    slop (2.4.4)
    sprockets (2.1.3)
      hike (~> 1.2)
      rack (~> 1.0)
      tilt (~> 1.1, != 1.3.0)
    therubyracer (0.10.1)
      libv8 (~> 3.3.10)
    thin (1.3.1)
      daemons (>= 1.0.9)
      eventmachine (>= 0.12.6)
      rack (>= 1.0.0)
    thor (0.14.6)
    tilt (1.3.3)
    treetop (1.4.10)
      polyglot
      polyglot (>= 0.3.1)
    twitter_oauth (0.4.3)
      json (>= 1.1.9)
      mime-types (>= 1.16)
      oauth (>= 0.4.1)
    tzinfo (0.3.33)
    uglifier (1.2.4)
      execjs (>= 0.3.0)
      multi_json (>= 1.0.2)
    unicorn (4.3.1)
      kgio (~> 2.6)
      rack
      raindrops (~> 0.7)
    vegas (0.1.11)
      rack (>= 1.0.0)
    xml-simple (1.1.1)
    xpath (0.1.4)
      nokogiri (~> 1.3)
    yajl-ruby (1.1.0)
    yard (0.8.1)

PLATFORMS
  ruby

DEPENDENCIES
  akismetor
  authlogic
  awesome_print
  bson_ext
  capistrano
  capybara
  coffee-rails (~> 3.2.2)
  crack
  cucumber-rails (>= 1.1.1)
  database_cleaner
  elif
  exception_notification_rails3
  execjs
  factory_girl_rails
  fastercsv
  fgraph
  foreman
  fuubar
  gmail_xoauth!
  gmoney!
  htmlentities
  httparty
  jquery-rails
  json
  json_builder
  kaminari
  letter_opener
  linkedin (= 0.3.6)
  mongoid (= 2.4.7)
  mongoid-rspec!
  mongoid_followable (~> 0.1.9)
  mongoid_voteable
  newrelic_rpm
  nokogiri (>= 1.5.0)
  oauth
  oauth2
  oink
  profanity_filter
  pry
  pry-doc
  pry-remote
  rack-cors!
  railroady!
  rails (= 3.2.3)
  redis
  redis-namespace
  redis-store
  request-log-analyzer
  resque
  rpm_contrib
  rspec
  rspec-rails
  sass-rails (~> 3.2.3)
  scout
  shoulda
  simplecov
  therubyracer
  thin
  twitter_oauth
  uglifier (>= 1.0.3)
  unicorn
  xml-simple
  yajl-ruby
